PATH
  remote: .
  specs:
    vcr (2.4.0)

GEM
  remote: https://rubygems.org/
  specs:
    addressable (2.3.3)
    appraisal (0.5.1)
      bundler
      rake
    archive-tar-minitar (0.5.2)
    aruba (0.4.11)
      childprocess (>= 0.2.3)
      cucumber (>= 1.1.1)
      ffi (>= 1.0.11)
      rspec (>= 2.7.0)
    bouncy-castle-java (1.5.0146.1)
    builder (3.2.0)
    childprocess (0.3.9)
      ffi (~> 1.0, >= 1.0.11)
    coderay (1.0.9)
    columnize (0.3.6)
    cookiejar (0.3.0)
    crack (0.3.2)
    cucumber (1.1.9)
      builder (>= 2.1.2)
      diff-lcs (>= 1.1.2)
      gherkin (~> 2.9.0)
      json (>= 1.4.6)
      term-ansicolor (>= 1.0.6)
    curb (0.8.3)
    debugger (1.3.3)
      columnize (>= 0.3.1)
      debugger-linecache (~> 1.1.1)
      debugger-ruby_core_source (~> 1.2.0)
    debugger-linecache (1.1.2)
      debugger-ruby_core_source (>= 1.1.1)
    debugger-ruby_core_source (1.2.0)
    diff-lcs (1.2.1)
    em-http-request (1.0.3)
      addressable (>= 2.2.3)
      cookiejar
      em-socksify
      eventmachine (>= 1.0.0.beta.4)
      http_parser.rb (>= 0.5.3)
    em-socksify (0.2.1)
      eventmachine (>= 1.0.0.beta.4)
    ethon (0.5.10)
      ffi (~> 1.3.0)
      mime-types (~> 1.18)
    eventmachine (1.0.1)
    eventmachine (1.0.1-java)
    excon (0.16.10)
    fakeweb (1.3.0)
    faraday (0.8.6)
      multipart-post (~> 1.1)
    ffi (1.3.1)
    ffi (1.3.1-java)
    fuubar (1.0.0)
      rspec (~> 2.0)
      rspec-instafail (~> 0.2.0)
      ruby-progressbar (~> 0.0.10)
    fuubar-cucumber (0.0.15)
      cucumber (>= 1.0.2)
      ruby-progressbar (~> 0.0.10)
    gherkin (2.9.3)
      json (>= 1.4.6)
    gherkin (2.9.3-java)
      json (>= 1.4.6)
    github-markup (0.7.5)
    http_parser.rb (0.5.3)
    http_parser.rb (0.5.3-java)
    httpclient (2.3.3)
    jruby-openssl (0.8.2)
      bouncy-castle-java (>= 1.5.0146.1)
    json (1.6.8)
    json (1.6.8-java)
    linecache (0.46)
      rbx-require-relative (> 0.0.4)
    method_source (0.8.1)
    mime-types (1.21)
    multi_json (1.0.4)
    multipart-post (1.2.0)
    patron (0.4.18)
    pry (0.9.12)
      coderay (~> 1.0.5)
      method_source (~> 0.8)
      slop (~> 3.4)
    pry (0.9.12-java)
      coderay (~> 1.0.5)
      method_source (~> 0.8)
      slop (~> 3.4)
      spoon (~> 0.0)
    rack (1.3.10)
    rack-protection (1.4.0)
      rack
    rake (0.9.6)
    rbx-require-relative (0.0.9)
    redcarpet (1.17.2)
    redis (2.2.2)
    relish (0.6)
      archive-tar-minitar (>= 0.5.2)
      json (>= 1.4.6)
      rest-client (>= 1.6.1)
    rest-client (1.6.7)
      mime-types (>= 1.16)
    rspec (2.13.0)
      rspec-core (~> 2.13.0)
      rspec-expectations (~> 2.13.0)
      rspec-mocks (~> 2.13.0)
    rspec-core (2.13.0)
    rspec-expectations (2.13.0)
      diff-lcs (>= 1.1.3, < 2.0)
    rspec-instafail (0.2.4)
    rspec-mocks (2.13.0)
    ruby-debug (0.10.4)
      columnize (>= 0.1)
      ruby-debug-base (~> 0.10.4.0)
    ruby-debug-base (0.10.4)
      linecache (>= 0.3)
    ruby-debug-base (0.10.4-java)
    ruby-progressbar (0.0.10)
    shoulda (2.9.2)
    simplecov (0.5.4)
      multi_json (~> 1.0.3)
      simplecov-html (~> 0.5.3)
    simplecov-html (0.5.3)
    sinatra (1.3.3)
      rack (~> 1.3, >= 1.3.6)
      rack-protection (~> 1.2)
      tilt (~> 1.3, >= 1.3.3)
    slop (3.4.3)
    spoon (0.0.1)
    term-ansicolor (1.0.7)
    tilt (1.3.4)
    timecop (0.3.5)
    typhoeus (0.5.4)
      ethon (~> 0.5.7)
    webmock (1.10.1)
      addressable (>= 2.2.7)
      crack (>= 0.3.2)
    yajl-ruby (1.1.0)
    yard (0.8.5.2)

PLATFORMS
  java
  ruby

DEPENDENCIES
  appraisal
  aruba (~> 0.4.11)
  bundler (>= 1.0.7)
  cucumber (~> 1.1.4)
  curb (~> 0.8.0)
  debugger
  em-http-request (~> 1.0.2)
  excon (>= 0.11.0, < 1.0)
  fakeweb (~> 1.3.0)
  faraday (~> 0.8)
  fuubar
  fuubar-cucumber
  github-markup
  httpclient (~> 2.2)
  jruby-openssl
  json (~> 1.6.5)
  multi_json (~> 1.0.3)
  patron (~> 0.4.15)
  pry
  rack (~> 1.3.6)
  rake (~> 0.9.2)
  redcarpet (~> 1.17.2)
  redis (~> 2.2.2)
  relish (~> 0.6)
  rspec (~> 2.11)
  ruby-debug
  shoulda (~> 2.9.2)
  simplecov (~> 0.5.3)
  sinatra (~> 1.3.2)
  timecop (~> 0.3.5)
  typhoeus (~> 0.5.3)
  vcr!
  webmock (~> 1.10)
  yajl-ruby (~> 1.1.0)
  yard
