PATH
  remote: .
  specs:
    vcr (2.6.0)

GEM
  remote: https://rubygems.org/
  specs:
    addressable (2.3.5)
    appraisal (0.5.2)
      bundler
      rake
    archive-tar-minitar (0.5.2)
    aruba (0.5.3)
      childprocess (>= 0.3.6)
      cucumber (>= 1.1.1)
      rspec-expectations (>= 2.7.0)
    builder (3.2.2)
    childprocess (0.3.9)
      ffi (~> 1.0, >= 1.0.11)
    coderay (1.0.9)
    columnize (0.3.6)
    cookiejar (0.3.0)
    crack (0.4.1)
      safe_yaml (~> 0.9.0)
    cucumber (1.3.8)
      builder (>= 2.1.2)
      diff-lcs (>= 1.1.3)
      gherkin (~> 2.12.1)
      multi_json (>= 1.7.5, < 2.0)
      multi_test (>= 0.0.2)
    curb (0.8.4)
    debugger (1.6.1)
      columnize (>= 0.3.1)
      debugger-linecache (~> 1.2.0)
      debugger-ruby_core_source (~> 1.2.3)
    debugger-linecache (1.2.0)
    debugger-ruby_core_source (1.2.3)
    diff-lcs (1.2.4)
    em-http-request (1.1.0)
      addressable (>= 2.3.4)
      cookiejar
      em-socksify (>= 0.3)
      eventmachine (>= 1.0.3)
      http_parser.rb (>= 0.6.0.beta.2)
    em-socksify (0.3.0)
      eventmachine (>= 1.0.0.beta.4)
    ethon (0.6.1)
      ffi (>= 1.3.0)
      mime-types (~> 1.18)
    eventmachine (1.0.3)
    excon (0.26.0)
    fakeweb (1.3.0)
    faraday (0.8.8)
      multipart-post (~> 1.2.0)
    ffi (1.9.0)
    fuubar (1.2.1)
      rspec (~> 2.0)
      rspec-instafail (~> 0.2.0)
      ruby-progressbar (~> 1.0)
    fuubar-cucumber (0.0.20)
      cucumber (~> 1.3.0)
      ruby-progressbar (~> 1.0.0)
    gherkin (2.12.1)
      multi_json (~> 1.3)
    github-markup (0.7.5)
    http_parser.rb (0.6.0.beta.2)
    httpclient (2.3.4.1)
    json (1.8.0)
    linecache (0.46)
      rbx-require-relative (> 0.0.4)
    method_source (0.8.2)
    mime-types (1.25)
    multi_json (1.8.0)
    multi_test (0.0.2)
    multipart-post (1.2.0)
    patron (0.4.18)
    pry (0.9.12.2)
      coderay (~> 1.0.5)
      method_source (~> 0.8)
      slop (~> 3.4)
    rack (1.5.2)
    rack-protection (1.5.0)
      rack
    rake (10.1.0)
    rbx-require-relative (0.0.9)
    redcarpet (1.17.2)
    redis (3.0.4)
    relish (0.7)
      archive-tar-minitar (>= 0.5.2)
      json (>= 1.4.6)
      rest-client (>= 1.6.1)
    rest-client (1.6.7)
      mime-types (>= 1.16)
    rspec (2.14.1)
      rspec-core (~> 2.14.0)
      rspec-expectations (~> 2.14.0)
      rspec-mocks (~> 2.14.0)
    rspec-core (2.14.5)
    rspec-expectations (2.14.2)
      diff-lcs (>= 1.1.3, < 2.0)
    rspec-instafail (0.2.4)
    rspec-mocks (2.14.3)
    ruby-debug (0.10.4)
      columnize (>= 0.1)
      ruby-debug-base (~> 0.10.4.0)
    ruby-debug-base (0.10.4)
      linecache (>= 0.3)
    ruby-progressbar (1.0.2)
    safe_yaml (0.9.7)
    simplecov (0.7.1)
      multi_json (~> 1.0)
      simplecov-html (~> 0.7.1)
    simplecov-html (0.7.1)
    sinatra (1.4.3)
      rack (~> 1.4)
      rack-protection (~> 1.4)
      tilt (~> 1.3, >= 1.3.4)
    slop (3.4.6)
    tilt (1.4.1)
    timecop (0.6.1)
    typhoeus (0.6.5)
      ethon (~> 0.6.1)
    webmock (1.14.0)
      addressable (>= 2.2.7)
      crack (>= 0.3.2)
    yajl-ruby (1.1.0)
    yard (0.8.7.2)

PLATFORMS
  ruby

DEPENDENCIES
  appraisal
  aruba (>= 0.5)
  cucumber (>= 1.1.4)
  curb (>= 0.8.0)
  debugger
  em-http-request (>= 1.0.2)
  excon (>= 0.22)
  fakeweb (>= 1.3.0)
  faraday (>= 0.8)
  fuubar
  fuubar-cucumber
  github-markup
  httpclient (>= 2.2)
  jruby-openssl
  json (>= 1.6.5)
  multi_json (>= 1.0.3)
  patron (>= 0.4.15)
  pry
  rack (>= 1.3.6)
  rake (>= 0.9.2)
  redcarpet (~> 1.17.2)
  redis (>= 2.2.2)
  relish (~> 0.6)
  rspec (>= 2.11)
  ruby-debug
  simplecov (>= 0.5.3)
  sinatra (>= 1.3.2)
  timecop (= 0.6.1)
  typhoeus (>= 0.6)
  vcr!
  webmock (>= 1.14)
  yajl-ruby (>= 1.1.0)
  yard
